GEM
  remote: https://rubygems.org/
  specs:
    actioncable (7.0.4.1)
      actionpack (= 7.0.4.1)
      activesupport (= 7.0.4.1)
      nio4r (~> 2.0)
      websocket-driver (>= 0.6.1)
    actionmailbox (7.0.4.1)
      actionpack (= 7.0.4.1)
      activejob (= 7.0.4.1)
      activerecord (= 7.0.4.1)
      activestorage (= 7.0.4.1)
      activesupport (= 7.0.4.1)
      mail (>= 2.7.1)
      net-imap
      net-pop
      net-smtp
    actionmailer (7.0.4.1)
      actionpack (= 7.0.4.1)
      actionview (= 7.0.4.1)
      activejob (= 7.0.4.1)
      activesupport (= 7.0.4.1)
      mail (~> 2.5, >= 2.5.4)
      net-imap
      net-pop
      net-smtp
      rails-dom-testing (~> 2.0)
    actionpack (7.0.4.1)
      actionview (= 7.0.4.1)
      activesupport (= 7.0.4.1)
      rack (~> 2.0, >= 2.2.0)
      rack-test (>= 0.6.3)
      rails-dom-testing (~> 2.0)
      rails-html-sanitizer (~> 1.0, >= 1.2.0)
    actiontext (7.0.4.1)
      actionpack (= 7.0.4.1)
      activerecord (= 7.0.4.1)
      activestorage (= 7.0.4.1)
      activesupport (= 7.0.4.1)
      globalid (>= 0.6.0)
      nokogiri (>= 1.8.5)
    actionview (7.0.4.1)
      activesupport (= 7.0.4.1)
      builder (~> 3.1)
      erubi (~> 1.4)
      rails-dom-testing (~> 2.0)
      rails-html-sanitizer (~> 1.1, >= 1.2.0)
    activejob (7.0.4.1)
      activesupport (= 7.0.4.1)
      globalid (>= 0.3.6)
    activemodel (7.0.4.1)
      activesupport (= 7.0.4.1)
    activemodel-serializers-xml (1.0.2)
      activemodel (> 5.x)
      activesupport (> 5.x)
      builder (~> 3.1)
    activerecord (7.0.4.1)
      activemodel (= 7.0.4.1)
      activesupport (= 7.0.4.1)
    activeresource (6.0.0)
      activemodel (>= 6.0)
      activemodel-serializers-xml (~> 1.0)
      activesupport (>= 6.0)
    activestorage (7.0.4.1)
      actionpack (= 7.0.4.1)
      activejob (= 7.0.4.1)
      activerecord (= 7.0.4.1)
      activesupport (= 7.0.4.1)
      marcel (~> 1.0)
      mini_mime (>= 1.1.0)
    activesupport (7.0.4.1)
      concurrent-ruby (~> 1.0, >= 1.0.2)
      i18n (>= 1.6, < 2)
      minitest (>= 5.1)
      tzinfo (~> 2.0)
    builder (3.2.4)
    concurrent-ruby (1.1.10)
    crass (1.0.6)
    daemon_controller (1.1.1)
    date (3.3.3)
    diff-lcs (1.2.1)
    erubi (1.12.0)
    factory_girl (1.1.5)
    fastercsv (1.5.4)
    fastthread (1.0.7)
    gd2 (1.1.1)
    gettext (1.90.0)
    globalid (1.0.1)
      activesupport (>= 5.0)
    hpricot (0.6)
    i18n (1.12.0)
      concurrent-ruby (~> 1.0)
    json (1.4.3)
    loofah (2.19.1)
      crass (~> 1.0.2)
      nokogiri (>= 1.5.9)
    mail (2.8.0.1)
      mini_mime (>= 0.1.1)
      net-imap
      net-pop
      net-smtp
    marcel (1.0.2)
    method_source (1.0.0)
    mini_mime (1.1.2)
    mini_portile2 (2.8.1)
    minitest (5.17.0)
    mysql (2.8.1)
    net-imap (0.3.4)
      date
      net-protocol
    net-pop (0.1.2)
      net-protocol
    net-protocol (0.2.1)
      timeout
    net-scp (1.0.4)
      net-ssh (>= 1.99.1)
    net-sftp (2.0.5)
      net-ssh (>= 2.0.9)
    net-smtp (0.3.3)
      net-protocol
    net-ssh (2.6.5)
    nio4r (2.5.8)
    nokogiri (1.14.0)
      mini_portile2 (~> 2.8.0)
      racc (~> 1.4)
    oj (2.17.5)
    passenger (6.0.16)
      rack
      rake (>= 0.8.1)
    patron (0.4.18)
    pr_geohash (1.0.0)
    racc (1.6.2)
    rack (2.2.6.2)
    rack-cache (1.13.0)
      rack (>= 0.4)
    rack-test (2.0.2)
      rack (>= 1.3)
    rails (7.0.4.1)
      actioncable (= 7.0.4.1)
      actionmailbox (= 7.0.4.1)
      actionmailer (= 7.0.4.1)
      actionpack (= 7.0.4.1)
      actiontext (= 7.0.4.1)
      actionview (= 7.0.4.1)
      activejob (= 7.0.4.1)
      activemodel (= 7.0.4.1)
      activerecord (= 7.0.4.1)
      activestorage (= 7.0.4.1)
      activesupport (= 7.0.4.1)
      bundler (>= 1.15.0)
      railties (= 7.0.4.1)
    rails-dom-testing (2.0.3)
      activesupport (>= 4.2.0)
      nokogiri (>= 1.6)
    rails-html-sanitizer (1.4.4)
      loofah (~> 2.19, >= 2.19.1)
    railties (7.0.4.1)
      actionpack (= 7.0.4.1)
      activesupport (= 7.0.4.1)
      method_source
      rake (>= 12.2)
      thor (~> 1.0)
      zeitwerk (~> 2.5)
    rake (13.0.6)
    rcov (1.0.0)
    rdoc (3.12.2)
      json (~> 1.4)
    rmagick (2.13.2)
    rsolr (1.0.13)
      builder (>= 2.1.2)
    rspec (1.3.2)
    rspec-core (3.12.0)
      rspec-support (~> 3.12.0)
    rspec-expectations (3.12.2)
      diff-lcs (>= 1.2.0, < 2.0)
      rspec-support (~> 3.12.0)
    rspec-mocks (3.12.3)
      diff-lcs (>= 1.2.0, < 2.0)
      rspec-support (~> 3.12.0)
    rspec-rails (6.0.1)
      actionpack (>= 6.1)
      activesupport (>= 6.1)
      railties (>= 6.1)
      rspec-core (~> 3.11)
      rspec-expectations (~> 3.11)
      rspec-mocks (~> 3.11)
      rspec-support (~> 3.11)
    rspec-support (3.12.0)
    rubyist-aasm (2.1.1)
    sunspot (1.3.3)
      pr_geohash (~> 1.0)
      rsolr (~> 1.0.7)
    sunspot_rails (1.3.3)
      nokogiri
      sunspot (= 1.3.3)
    thor (1.2.1)
    timecop (0.3.4)
    timeout (0.3.1)
    tzinfo (2.0.5)
      concurrent-ruby (~> 1.0)
    websocket-driver (0.7.5)
      websocket-extensions (>= 0.1.0)
    websocket-extensions (0.1.5)
    will_paginate (2.2.1)
    zeitwerk (2.6.6)

PLATFORMS
  ruby

DEPENDENCIES
  actionmailer (= 7.0.4.1)
  actionpack (= 7.0.4.1)
  activerecord (= 7.0.4.1)
  activeresource (= 6.0.0)
  activesupport (= 7.0.4.1)
  builder (= 3.2.4)
  daemon_controller (= 1.1.1)
  diff-lcs (= 1.2.1)
  factory_girl (= 1.1.5)
  fastercsv (= 1.5.4)
  fastthread (= 1.0.7)
  gd2 (= 1.1.1)
  gettext (= 1.90.0)
  hpricot (= 0.6)
  json (= 1.4.3)
  mysql (= 2.8.1)
  net-scp (= 1.0.4)
  net-sftp (= 2.0.5)
  net-ssh (= 2.6.5)
  nokogiri (= 1.14.0)
  oj (= 2.17.5)
  passenger (= 6.0.16)
  patron (= 0.4.18)
  pr_geohash (= 1.0.0)
  rack (= 2.2.6.2)
  rack-cache (= 1.13.0)
  rack-test (= 2.0.2)
  rails (= 7.0.4.1)
  rake (= 13.0.6)
  rcov (= 1.0.0)
  rdoc (= 3.12.2)
  rmagick (= 2.13.2)
  rsolr (= 1.0.13)
  rspec (= 1.3.2)
  rspec-rails (= 6.0.1)
  rubyist-aasm (= 2.1.1)
  sunspot (= 1.3.3)
  sunspot_rails (= 1.3.3)
  timecop (= 0.3.4)
  will_paginate (= 2.2.1)
